Brain Vision Data Exchange Header File Version 2.0
; Data created from history path

[Common Infos]
Codepage=UTF-8
DataFile=Analyzer_nV_Export.eeg
MarkerFile=Analyzer_nV_Export.vmrk
DataFormat=BINARY
; Data orientation: VECTORIZED=ch1,pt1, ch1,pt2..., MULTIPLEXED=ch1,pt1, ch2,pt1 ...
DataOrientation=MULTIPLEXED
DataType=TIMEDOMAIN
NumberOfChannels=32
DataPoints=64
; Sampling interval in microseconds if time domain (convert to Hertz:
; 1000000 / SamplingInterval) or in Hertz if frequency domain:
SamplingInterval=2000

[User Infos]
; Each entry: Prop<Number>=<Type>,<Name>,<Value>,<Value2>,...,<ValueN>
; Property number must be unique. Types can be int, single, string, bool, byte, double, uint
; or arrays of those, indicated int-array etc
; Array types have more than one value, number of values determines size of array.
; Fields are delimited by commas, commas in strings are written \1

[Binary Infos]
BinaryFormat=IEEE_FLOAT_32

[Channel Infos]
; Each entry: Ch<Channel number>=<Name>,<Reference channel name>,
; <Resolution in "Unit">,<Unit>, Future extensions...
; Fields are delimited by commas, some fields might be omitted (empty).
; Commas in channel names are coded as "\1".
Ch1=FC4,,,nV
Ch2=FT8,,,nV
Ch3=AF7,,,nV
Ch4=AF8,,,nV
Ch5=F8,,,nV
Ch6=F4,,,nV
Ch7=C4,,,nV
Ch8=P4,,,nV
Ch9=AF4,,,nV
Ch10=Fp2,,,nV
Ch11=Fp1,,,nV
Ch12=AF3,,,nV
Ch13=Fz,,,nV
Ch14=C6,,,nV
Ch15=Cz,,,nV
Ch16=C5,,,nV
Ch17=PO3,,,nV
Ch18=O1,,,nV
Ch19=Oz,,,nV
Ch20=O2,,,nV
Ch21=PO4,,,nV
Ch22=F6,,,nV
Ch23=F5,,,nV
Ch24=FC6,,,nV
Ch25=FC3,,,nV
Ch26=C3,,,nV
Ch27=F3,,,nV
Ch28=F7,,,nV
Ch29=FC5,,,nV
Ch30=FCz,,,nV
Ch31=FT7,,,nV
Ch32=P3,,,nV

[Channel User Infos]
; Each entry: Prop<Number>=Ch<ChannelNumber>,<Type>,<Name>,<Value>,<Value2>,...,<ValueN>
; Property number must be unique. Types can be int, single, string, bool, byte, double, uint
; or arrays of those, indicated int-array etc
; Array types have more than one value, number of values determines size of array.
; Fields are delimited by commas, commas in strings are written \1
; Properties are assigned to channels using their channel number.

[Coordinates]
; Each entry: Ch<Channel number>=<Radius>,<Theta>,<Phi>
Ch1=1,49,29
Ch2=1,90,18
Ch3=1,-90,-54
Ch4=1,90,54
Ch5=1,90,36
Ch6=1,60,51
Ch7=1,45,0
Ch8=1,60,-51
Ch9=1,74,68
Ch10=1,90,72
Ch11=1,-90,-72
Ch12=1,-74,-68
Ch13=1,45,90
Ch14=1,68,0
Ch15=1,0,0
Ch16=1,-68,0
Ch17=1,-74,68
Ch18=1,-90,72
Ch19=1,90,-90
Ch20=1,90,-72
Ch21=1,74,-68
Ch22=1,74,41
Ch23=1,-74,-41
Ch24=1,69,21
Ch25=1,-49,-29
Ch26=1,-45,0
Ch27=1,-60,-51
Ch28=1,-90,-36
Ch29=1,-69,-21
Ch30=1,23,90
Ch31=1,-90,-18
Ch32=1,-60,51
